GEM
  remote: http://rubygems.org/
  specs:
    addressable (2.2.6)
    em-websocket (0.3.6)
      addressable (>= 2.1.1)
      eventmachine (>= 0.12.9)
    eventmachine (0.12.10)
    json (1.5.1)
    launchy (2.0.5)
      addressable (~> 2.2.6)
    mime-types (1.16)
    oauth (0.4.4)
    rack (1.4.1)
    rack-protection (1.2.0)
      rack
    roauth (0.0.3)
    sinatra (1.3.2)
      rack (~> 1.3, >= 1.3.6)
      rack-protection (~> 1.2)
      tilt (~> 1.3, >= 1.3.3)
    term-ansicolor (1.0.7)
    tilt (1.3.3)
    twitter-stream (0.1.12)
      eventmachine (>= 0.12.8)
      roauth (>= 0.0.2)
    twitter_oauth (0.4.3)
      json (>= 1.1.9)
      mime-types (>= 1.16)
      oauth (>= 0.4.1)

PLATFORMS
  ruby

DEPENDENCIES
  bundler (~> 1.0.0)
  em-websocket
  launchy (~> 2.0.5)
  oauth
  sinatra
  term-ansicolor
  twitter-stream
  twitter_oauth
