GEM
  remote: http://rubygems.org/
  specs:
    addressable (2.2.6)
    em-websocket (0.3.6)
      addressable (>= 2.1.1)
      eventmachine (>= 0.12.9)
    eventmachine (0.12.10)
    launchy (2.0.5)
      addressable (~> 2.2.6)
    rack (1.4.1)
    term-ansicolor (1.0.7)

PLATFORMS
  ruby

DEPENDENCIES
  bundler (~> 1.0.0)
  em-websocket
  launchy (~> 2.0.5)
  rack
  term-ansicolor
