GIT
  remote: https://github.com/r7kamura/rb-skypemac.git
  revision: 7c3d774ae0e9513c3b905cde8f049b9cf058c83c
  specs:
    rb-skypemac (0.3.2)
      hoe
      jeweler
      rb-appscript (>= 0.3.0)

GEM
  remote: http://rubygems.org/
  specs:
    active_support (3.0.0)
      activesupport (= 3.0.0)
    activesupport (3.0.0)
    addressable (2.2.6)
    awesome_print (0.3.2)
    coderay (1.0.5)
    em-websocket (0.3.6)
      addressable (>= 2.1.1)
      eventmachine (>= 0.12.9)
    eventmachine (0.12.10)
    git (1.2.5)
    hoe (2.13.0)
      rake (~> 0.8)
    i18n (0.5.0)
    jeweler (1.8.3)
      bundler (~> 1.0)
      git (>= 1.2.5)
      rake
      rdoc
    json (1.5.1)
    launchy (2.0.5)
      addressable (~> 2.2.6)
    method_source (0.7.0)
    mime-types (1.16)
    notify (0.3.0)
    oauth (0.4.4)
    pry (0.9.8)
      coderay (~> 1.0.5)
      method_source (~> 0.7)
      slop (>= 2.4.3, < 3)
    rack (1.4.1)
    rack-protection (1.2.0)
      rack
    rake (0.9.2.2)
    rb-appscript (0.6.1)
    rdoc (3.12)
      json (~> 1.4)
    roauth (0.0.3)
    sinatra (1.3.2)
      rack (~> 1.3, >= 1.3.6)
      rack-protection (~> 1.2)
      tilt (~> 1.3, >= 1.3.3)
    slop (2.4.3)
    term-ansicolor (1.0.7)
    tilt (1.3.3)
    twitter-stream (0.1.12)
      eventmachine (>= 0.12.8)
      roauth (>= 0.0.2)
    twitter_oauth (0.4.3)
      json (>= 1.1.9)
      mime-types (>= 1.16)
      oauth (>= 0.4.1)

PLATFORMS
  ruby

DEPENDENCIES
  active_support
  awesome_print
  bundler (~> 1.0.0)
  em-websocket
  i18n
  launchy (~> 2.0.5)
  notify
  oauth
  pry
  rb-skypemac!
  sinatra
  term-ansicolor
  twitter-stream
  twitter_oauth
