GEM
  remote: http://rubygems.org/
  specs:
    active_support (3.0.0)
      activesupport (= 3.0.0)
    activesupport (3.0.0)
    addressable (2.2.6)
    awesome_print (0.3.2)
    coderay (1.0.5)
    em-websocket (0.3.6)
      addressable (>= 2.1.1)
      eventmachine (>= 0.12.9)
    eventmachine (0.12.10)
    i18n (0.5.0)
    json (1.5.1)
    launchy (2.0.5)
      addressable (~> 2.2.6)
    method_source (0.7.0)
    mime-types (1.16)
    oauth (0.4.4)
    pry (0.9.8)
      coderay (~> 1.0.5)
      method_source (~> 0.7)
      slop (>= 2.4.3, < 3)
    rack (1.4.1)
    rack-protection (1.2.0)
      rack
    roauth (0.0.3)
    sinatra (1.3.2)
      rack (~> 1.3, >= 1.3.6)
      rack-protection (~> 1.2)
      tilt (~> 1.3, >= 1.3.3)
    slop (2.4.3)
    term-ansicolor (1.0.7)
    tilt (1.3.3)
    twitter-stream (0.1.12)
      eventmachine (>= 0.12.8)
      roauth (>= 0.0.2)
    twitter_oauth (0.4.3)
      json (>= 1.1.9)
      mime-types (>= 1.16)
      oauth (>= 0.4.1)

PLATFORMS
  ruby

DEPENDENCIES
  active_support
  awesome_print
  bundler (~> 1.0.0)
  em-websocket
  i18n
  launchy (~> 2.0.5)
  oauth
  pry
  sinatra
  term-ansicolor
  twitter-stream
  twitter_oauth
